GEM
  remote: https://rubygems.org/
  specs:
    coderay (1.1.3)
    method_source (1.1.0)
    pry (0.14.2)
      coderay (~> 1.1)
      method_source (~> 1.0)
    zeitwerk (2.6.15)

PLATFORMS
  ruby
  x86_64-darwin-22

DEPENDENCIES
  pry
  zeitwerk

BUNDLED WITH
   2.5.3
