GEM
  remote: https://rubygems.org/
  specs:
    zeitwerk (2.6.15)

PLATFORMS
  ruby
  x86_64-darwin-22

DEPENDENCIES
  zeitwerk

BUNDLED WITH
   2.5.3
